GEM
  remote: http://rubygems.org/
  specs:
    RedCloth (4.2.3)
    abstract (1.0.0)
    actionmailer (3.0.0)
      actionpack (= 3.0.0)
      mail (~> 2.2.5)
    actionpack (3.0.0)
      activemodel (= 3.0.0)
      activesupport (= 3.0.0)
      builder (~> 2.1.2)
      erubis (~> 2.6.6)
      i18n (~> 0.4.1)
      rack (~> 1.2.1)
      rack-mount (~> 0.6.12)
      rack-test (~> 0.5.4)
      tzinfo (~> 0.3.23)
    activemodel (3.0.0)
      activesupport (= 3.0.0)
      builder (~> 2.1.2)
      i18n (~> 0.4.1)
    activesupport (3.0.0)
    addressable (2.2.1)
    archive-tar-minitar (0.5.2)
    bcrypt-ruby (2.1.2)
    builder (2.1.2)
    columnize (0.3.1)
    data_objects (0.10.2)
      addressable (~> 2.1)
    devise (1.1.2)
      bcrypt-ruby (~> 2.1.2)
      warden (~> 0.10.7)
    diff-lcs (1.1.2)
    dm-active_model (1.0.2)
      activemodel (~> 3.0.0)
      dm-core (~> 1.0.2)
    dm-aggregates (1.0.2)
      dm-core (~> 1.0.2)
    dm-constraints (1.0.2)
      dm-core (~> 1.0.2)
      dm-migrations (~> 1.0.2)
    dm-core (1.0.2)
      addressable (~> 2.2)
      extlib (~> 0.9.15)
    dm-devise (1.1.3)
      bcrypt-ruby (~> 2.1.2)
      devise (~> 1.1.0)
      dm-core (~> 1.0.0)
      dm-migrations (~> 1.0.0)
      dm-rails (>= 1.0.3)
      dm-serializer (~> 1.0.0)
      dm-timestamps (~> 1.0.0)
      dm-validations (~> 1.0.0)
      warden (~> 0.10.7)
    dm-do-adapter (1.0.2)
      data_objects (~> 0.10.2)
      dm-core (~> 1.0.2)
    dm-migrations (1.0.2)
      dm-core (~> 1.0.2)
    dm-observer (1.0.2)
      dm-core (~> 1.0.2)
    dm-postgres-adapter (1.0.2)
      dm-do-adapter (~> 1.0.2)
      do_postgres (~> 0.10.2)
    dm-rails (1.0.3)
      actionpack (~> 3.0.0.rc)
      activesupport (~> 3.0.0.rc)
      dm-active_model (~> 1.0.0)
      dm-core (~> 1.0.0)
      railties (~> 3.0.0.rc)
    dm-serializer (1.0.2)
      dm-core (~> 1.0.2)
      fastercsv (~> 1.5.3)
      json_pure (~> 1.4)
    dm-sqlite-adapter (1.0.2)
      dm-do-adapter (~> 1.0.2)
      do_sqlite3 (~> 0.10.2)
    dm-timestamps (1.0.2)
      dm-core (~> 1.0.2)
    dm-transactions (1.0.2)
      dm-core (~> 1.0.2)
    dm-types (1.0.2)
      dm-core (~> 1.0.2)
      fastercsv (~> 1.5.3)
      json_pure (~> 1.4)
      stringex (~> 1.1.0)
      uuidtools (~> 2.1.1)
    dm-validations (1.0.2)
      dm-core (~> 1.0.2)
    do_postgres (0.10.2)
      data_objects (= 0.10.2)
    do_sqlite3 (0.10.2)
      data_objects (= 0.10.2)
    erubis (2.6.6)
      abstract (>= 1.0.0)
    extlib (0.9.15)
    fastercsv (1.5.3)
    haml (3.0.18)
    hoe (2.6.2)
      rake (>= 0.8.7)
      rubyforge (>= 2.0.4)
    i18n (0.4.1)
    json_pure (1.4.6)
    linecache19 (0.5.11)
      ruby_core_source (>= 0.1.4)
    mail (2.2.6.1)
      activesupport (>= 2.3.6)
      mime-types
      treetop (>= 1.4.5)
    mime-types (1.16)
    paginator (1.1.1)
      hoe (>= 1.6.0)
    polyglot (0.3.1)
    rack (1.2.1)
    rack-mount (0.6.13)
      rack (>= 1.0.0)
    rack-test (0.5.4)
      rack (>= 1.0)
    railties (3.0.0)
      actionpack (= 3.0.0)
      activesupport (= 3.0.0)
      rake (>= 0.8.4)
      thor (~> 0.14.0)
    rake (0.8.7)
    rspec (2.0.0.beta.22)
      rspec-core (= 2.0.0.beta.22)
      rspec-expectations (= 2.0.0.beta.22)
      rspec-mocks (= 2.0.0.beta.22)
    rspec-core (2.0.0.beta.22)
    rspec-expectations (2.0.0.beta.22)
      diff-lcs (>= 1.1.2)
    rspec-mocks (2.0.0.beta.22)
      rspec-core (= 2.0.0.beta.22)
      rspec-expectations (= 2.0.0.beta.22)
    rspec-rails (2.0.0.beta.22)
      rspec (= 2.0.0.beta.22)
    ruby-debug-base19 (0.11.24)
      columnize (>= 0.3.1)
      linecache19 (>= 0.5.11)
      ruby_core_source (>= 0.1.4)
    ruby-debug19 (0.11.6)
      columnize (>= 0.3.1)
      linecache19 (>= 0.5.11)
      ruby-debug-base19 (>= 0.11.19)
    ruby_core_source (0.1.4)
      archive-tar-minitar (>= 0.5.2)
    rubyforge (2.0.4)
      json_pure (>= 1.1.7)
    stringex (1.1.0)
    syntax (1.0.0)
    syntaxi (0.5.0)
      syntax (= 1.0.0)
    thor (0.14.1)
    treetop (1.4.8)
      polyglot (>= 0.3.1)
    tzinfo (0.3.23)
    uuidtools (2.1.1)
    warden (0.10.7)
      rack (>= 1.0.0)

PLATFORMS
  ruby

DEPENDENCIES
  RedCloth
  actionmailer (~> 3.0.0)
  actionpack (~> 3.0.0)
  activesupport (~> 3.0.0)
  dm-aggregates (~> 1.0.2)
  dm-constraints (~> 1.0.2)
  dm-devise
  dm-migrations (~> 1.0.2)
  dm-observer (~> 1.0.2)
  dm-postgres-adapter (~> 1.0.2)
  dm-rails (~> 1.0.3)
  dm-sqlite-adapter (~> 1.0.2)
  dm-timestamps (~> 1.0.2)
  dm-transactions (~> 1.0.2)
  dm-types (~> 1.0.2)
  dm-validations (~> 1.0.2)
  haml
  paginator
  railties (~> 3.0.0)
  rspec-rails (~> 2.0.0.beta.19)
  ruby-debug19
  syntaxi
